GIT
  remote: git://github.com/lsegal/parsejs.git
  revision: 7ba09b48fefc2db2970406938c34fb3d97ad4148
  specs:
    parsejs (0.0.1)
      kpeg
      yard

GIT
  remote: git://github.com/lsegal/yard-js.git
  revision: c76decbd26c9fe82889d72e10ce50c12cdbe51ff
  specs:
    yard-js (0.1.3)

GIT
  remote: git://github.com/lsegal/yard.git
  revision: 106c5d0987d4414247d246dae3d4c588235c5dde
  specs:
    yard (0.8.7.6)

GEM
  remote: https://rubygems.org/
  specs:
    kpeg (1.0.0)
    rake (10.1.1)
    rdiscount (2.1.7)
    redcarpet (3.2.0)
    samus (1.4.1)
    yard-sitemap (1.0.1)

PLATFORMS
  ruby

DEPENDENCIES
  parsejs!
  rake
  rdiscount
  redcarpet (~> 3.0)
  samus
  yard!
  yard-js!
  yard-sitemap (~> 1.0)

BUNDLED WITH
   1.10.5
